GEM
  remote: https://rubygems.org/
  specs:
    csv (3.0.0)

PLATFORMS
  ruby

DEPENDENCIES
  csv

BUNDLED WITH
   1.16.5
